GEM
  remote: http://rubygems.org/
  specs:
    nokogiri (1.5.6)
    plist (3.1.0)

PLATFORMS
  ruby

DEPENDENCIES
  nokogiri
  plist
